GEM
  remote: https://rubygems.org/
  specs:
    rake (13.0.1)
    webrick (1.7.0)

PLATFORMS
  ruby

DEPENDENCIES
  rake (~> 13.0)
  webrick (~> 1.7)

BUNDLED WITH
   2.2.11
